GEM
  remote: https://rubygems.org/
  specs:
    pit (0.0.7)

PLATFORMS
  x86-mingw32

DEPENDENCIES
  pit (~> 0.0.7)

BUNDLED WITH
   1.12.5
