GEM
  remote: https://rubygems.org/
  specs:
    activesupport (5.1.4)
      concurrent-ruby (~> 1.0, >= 1.0.2)
      i18n (~> 0.7)
      minitest (~> 5.1)
      tzinfo (~> 1.1)
    awesome_print (1.8.0)
    chunky_png (1.3.8)
    concurrent-ruby (1.0.5)
    daemons (1.2.5)
    eventmachine (1.2.5-x86-mingw32)
    foreman (0.84.0)
      thor (~> 0.19.1)
    i18n (0.9.1)
      concurrent-ruby (~> 1.0)
    jira-ruby (1.4.3)
      activesupport
      multipart-post
      oauth (~> 0.5, >= 0.5.0)
    json (1.8.6)
    minitest (5.10.3)
    multipart-post (2.0.0)
    mustermann (1.0.1)
    oauth (0.5.3)
    pit (0.0.7)
    rack (2.0.3)
    rack-protection (2.0.0)
      rack
    rqrcode (0.10.1)
      chunky_png (~> 1.0)
    sinatra (2.0.0)
      mustermann (~> 1.0)
      rack (~> 2.0)
      rack-protection (= 2.0.0)
      tilt (~> 2.0)
    slim (3.0.9)
      temple (>= 0.7.6, < 0.9)
      tilt (>= 1.3.3, < 2.1)
    temple (0.8.0)
    thin (1.7.2)
      daemons (~> 1.0, >= 1.0.9)
      eventmachine (~> 1.0, >= 1.0.4)
      rack (>= 1, < 3)
    thor (0.19.4)
    thread_safe (0.3.6)
    tilt (2.0.8)
    tzinfo (1.2.4)
      thread_safe (~> 0.1)

PLATFORMS
  x86-mingw32

DEPENDENCIES
  awesome_print
  foreman
  jira-ruby (~> 1.1)
  json
  pit (~> 0.0.7)
  rqrcode
  sinatra
  slim
  thin

BUNDLED WITH
   1.14.6
