GEM
  remote: https://rubygems.org/
  specs:
    activesupport (4.2.6)
      i18n (~> 0.7)
      json (~> 1.7, >= 1.7.7)
      minitest (~> 5.1)
      thread_safe (~> 0.3, >= 0.3.4)
      tzinfo (~> 1.1)
    awesome_print (0.4.0)
    daemons (1.2.5)
    eventmachine (1.2.5-x86-mingw32)
    foreman (0.84.0)
      thor (~> 0.19.1)
    i18n (0.7.0)
    jira-ruby (1.1.0)
      activesupport
      oauth (~> 0.5, >= 0.5.0)
    json (1.8.1)
    minitest (5.4.3)
    oauth (0.5.1)
    pit (0.0.7)
    rack (1.6.8)
    rack-protection (1.5.3)
      rack
    sinatra (1.4.8)
      rack (~> 1.5)
      rack-protection (~> 1.4)
      tilt (>= 1.3, < 3)
    slim (0.9.4)
      temple (~> 0.3.0)
      tilt (~> 1.2)
    temple (0.3.5)
    thin (1.7.2)
      daemons (~> 1.0, >= 1.0.9)
      eventmachine (~> 1.0, >= 1.0.4)
      rack (>= 1, < 3)
    thor (0.19.4)
    thread_safe (0.3.5)
    tilt (1.4.1)
    tzinfo (1.2.2)
      thread_safe (~> 0.1)

PLATFORMS
  x86-mingw32

DEPENDENCIES
  awesome_print
  foreman
  jira-ruby (~> 1.1)
  pit (~> 0.0.7)
  sinatra
  slim
  thin

BUNDLED WITH
   1.14.6
