GEM
  remote: https://rubygems.org/
  specs:
    activesupport (4.2.6)
      i18n (~> 0.7)
      json (~> 1.7, >= 1.7.7)
      minitest (~> 5.1)
      thread_safe (~> 0.3, >= 0.3.4)
      tzinfo (~> 1.1)
    awesome_print (0.4.0)
    i18n (0.7.0)
    jira-ruby (1.1.0)
      activesupport
      oauth (~> 0.5, >= 0.5.0)
    json (1.8.1)
    minitest (5.4.3)
    oauth (0.5.1)
    pit (0.0.7)
    slim (0.9.4)
      temple (~> 0.3.0)
      tilt (~> 1.2)
    temple (0.3.5)
    thread_safe (0.3.5)
    tilt (1.4.1)
    tzinfo (1.2.2)
      thread_safe (~> 0.1)

PLATFORMS
  x86-mingw32

DEPENDENCIES
  awesome_print (~> 0)
  jira-ruby (~> 1.1)
  pit (~> 0.0.7)
  slim (~> 0)

BUNDLED WITH
   1.12.5
